PATH
  remote: .
  specs:
    checkout_system (0.1)

GEM
  remote: https://rubygems.org/
  specs:
    diff-lcs (1.3)
    rspec (3.8.0)
      rspec-core (~> 3.8.0)
      rspec-expectations (~> 3.8.0)
      rspec-mocks (~> 3.8.0)
    rspec-core (3.8.1)
      rspec-support (~> 3.8.0)
    rspec-expectations (3.8.4)
      diff-lcs (>= 1.2.0, < 2.0)
      rspec-support (~> 3.8.0)
    rspec-mocks (3.8.1)
      diff-lcs (>= 1.2.0, < 2.0)
      rspec-support (~> 3.8.0)
    rspec-support (3.8.2)

PLATFORMS
  ruby

DEPENDENCIES
  bundler (~> 2.0)
  checkout_system!
  rspec (~> 3.0)

BUNDLED WITH
   2.0.1
